GIT
  remote: git://github.com/thoughtbot/paperclip.git
  revision: 93753d5c4da6488cce82e5378997dc3f5478ceff
  specs:
    paperclip (2.3.10)
      activerecord (>= 2.3.0)
      activesupport (>= 2.3.2)

GIT
  remote: https://github.com/intridea/omniauth.git
  revision: 2bd0425a38311a5e09a03b916d899e8d20258521
  specs:
    oa-basic (0.2.4)
      oa-core (= 0.2.4)
      rest-client (~> 1.6.0)
    oa-core (0.2.4)
    oa-enterprise (0.2.4)
      addressable (= 2.2.4)
      net-ldap (~> 0.2.2)
      nokogiri (~> 1.4.2)
      oa-core (= 0.2.4)
      pyu-ruby-sasl (~> 0.0.3.1)
      rubyntlm (~> 0.1.1)
    oa-more (0.2.4)
      multi_json (>= 0.0.5)
      oa-core (= 0.2.4)
      rest-client (~> 1.6.0)
    oa-oauth (0.2.4)
      faraday (~> 0.6.1)
      multi_json (>= 0.0.5)
      multi_xml (~> 0.2.2)
      oa-core (= 0.2.4)
      oauth (~> 0.4.0)
      oauth2 (~> 0.4.1)
    oa-openid (0.2.4)
      oa-core (= 0.2.4)
      rack-openid (~> 1.3.1)
      ruby-openid-apps-discovery (~> 1.2.0)
    omniauth (0.2.4)
      oa-basic (= 0.2.4)
      oa-core (= 0.2.4)
      oa-enterprise (= 0.2.4)
      oa-more (= 0.2.4)
      oa-oauth (= 0.2.4)
      oa-openid (= 0.2.4)

GIT
  remote: https://github.com/mbleigh/acts-as-taggable-on.git
  revision: 2752cfef4c66318d0925fbe880d5392ad188bb50
  specs:
    acts-as-taggable-on (2.0.6)

GIT
  remote: https://github.com/mkoentopf/actionwebservice.git
  revision: 2a0a6a1375a1c310644b7f1867b5bd71c6133862
  specs:
    actionwebservice (3.0.1)
      actionpack (~> 3.0.0)
      activerecord (~> 3.0.0)
      activesupport (~> 3.0.0)

GIT
  remote: https://github.com/plataformatec/devise.git
  revision: b1a27ad6338638e537adf3fc1814e3f1dcf5d811
  specs:
    devise (1.4.0.dev)
      bcrypt-ruby (~> 2.1.2)
      orm_adapter (~> 0.0.3)
      warden (~> 1.0.3)

GEM
  remote: http://rubygems.org/
  specs:
    abstract (1.0.0)
    actionmailer (3.0.6)
      actionpack (= 3.0.6)
      mail (~> 2.2.15)
    actionpack (3.0.6)
      activemodel (= 3.0.6)
      activesupport (= 3.0.6)
      builder (~> 2.1.2)
      erubis (~> 2.6.6)
      i18n (~> 0.5.0)
      rack (~> 1.2.1)
      rack-mount (~> 0.6.14)
      rack-test (~> 0.5.7)
      tzinfo (~> 0.3.23)
    activemodel (3.0.6)
      activesupport (= 3.0.6)
      builder (~> 2.1.2)
      i18n (~> 0.5.0)
    activerecord (3.0.6)
      activemodel (= 3.0.6)
      activesupport (= 3.0.6)
      arel (~> 2.0.2)
      tzinfo (~> 0.3.23)
    activeresource (3.0.6)
      activemodel (= 3.0.6)
      activesupport (= 3.0.6)
    activesupport (3.0.6)
    addressable (2.2.4)
    archive-tar-minitar (0.5.2)
    arel (2.0.9)
    aws-s3 (0.6.2)
      builder
      mime-types
      xml-simple
    bcrypt-ruby (2.1.4)
    builder (2.1.2)
    cancan (1.6.4)
    columnize (0.3.2)
    cucumber (0.10.2)
      builder (>= 2.1.2)
      diff-lcs (>= 1.1.2)
      gherkin (>= 2.3.5)
      json (>= 1.4.6)
      term-ansicolor (>= 1.0.5)
    daemons (1.1.3)
    diff-lcs (1.1.2)
    erubis (2.6.6)
      abstract (>= 1.0.0)
    eventmachine (0.12.10)
    faraday (0.6.1)
      addressable (~> 2.2.4)
      multipart-post (~> 1.1.0)
      rack (>= 1.1.0, < 2)
    gherkin (2.3.6)
      json (>= 1.4.6)
    httpclient (2.1.5.2)
    i18n (0.5.0)
    jquery-rails (0.2.7)
      rails (~> 3.0)
      thor (~> 0.14.4)
    json (1.5.1)
    kgio (2.3.3)
    linecache19 (0.5.12)
      ruby_core_source (>= 0.1.4)
    mail (2.2.17)
      activesupport (>= 2.3.6)
      i18n (>= 0.4.0)
      mime-types (~> 1.16)
      treetop (~> 1.4.8)
    mime-types (1.16)
    multi_json (0.0.5)
    multi_xml (0.2.2)
    multipart-post (1.1.0)
    net-ldap (0.2.2)
    nokogiri (1.4.4)
    oauth (0.4.4)
    oauth2 (0.4.1)
      faraday (~> 0.6.1)
      multi_json (>= 0.0.5)
    orm_adapter (0.0.4)
    polyglot (0.3.1)
    pyu-ruby-sasl (0.0.3.2)
    rack (1.2.2)
    rack-google_analytics (1.0.1)
    rack-mount (0.6.14)
      rack (>= 1.0.0)
    rack-openid (1.3.1)
      rack (>= 1.1.0)
      ruby-openid (>= 2.1.8)
    rack-test (0.5.7)
      rack (>= 1.0)
    rails (3.0.6)
      actionmailer (= 3.0.6)
      actionpack (= 3.0.6)
      activerecord (= 3.0.6)
      activeresource (= 3.0.6)
      activesupport (= 3.0.6)
      bundler (~> 1.0)
      railties (= 3.0.6)
    railties (3.0.6)
      actionpack (= 3.0.6)
      activesupport (= 3.0.6)
      rake (>= 0.8.7)
      thor (~> 0.14.4)
    rake (0.8.7)
    rest-client (1.6.1)
      mime-types (>= 1.16)
    rmagick (2.13.1)
    rspec (2.5.0)
      rspec-core (~> 2.5.0)
      rspec-expectations (~> 2.5.0)
      rspec-mocks (~> 2.5.0)
    rspec-core (2.5.1)
    rspec-expectations (2.5.0)
      diff-lcs (~> 1.1.2)
    rspec-mocks (2.5.0)
    ruby-debug-base19 (0.11.25)
      columnize (>= 0.3.1)
      linecache19 (>= 0.5.11)
      ruby_core_source (>= 0.1.4)
    ruby-debug19 (0.11.6)
      columnize (>= 0.3.1)
      linecache19 (>= 0.5.11)
      ruby-debug-base19 (>= 0.11.19)
    ruby-openid (2.1.8)
    ruby-openid-apps-discovery (1.2.0)
      ruby-openid (>= 2.1.7)
    ruby_core_source (0.1.5)
      archive-tar-minitar (>= 0.5.2)
    rubyjedi-soap4r (1.5.8.20100619003610)
      httpclient (~> 2.1.5.2)
    rubyntlm (0.1.1)
    sqlite3 (1.3.3)
    term-ansicolor (1.0.5)
    thin (1.2.11)
      daemons (>= 1.0.9)
      eventmachine (>= 0.12.6)
      rack (>= 1.0.0)
    thor (0.14.6)
    treetop (1.4.9)
      polyglot (>= 0.3.1)
    tzinfo (0.3.26)
    unicorn (3.6.0)
      kgio (~> 2.3)
      rack
    warden (1.0.3)
      rack (>= 1.0.0)
    webrat (0.7.3)
      nokogiri (>= 1.2.0)
      rack (>= 1.0)
      rack-test (>= 0.5.3)
    will_paginate (3.0.pre2)
    wirble (0.1.3)
    xml-simple (1.0.15)

PLATFORMS
  ruby

DEPENDENCIES
  actionwebservice!
  acts-as-taggable-on!
  aws-s3
  cancan
  cucumber
  devise!
  jquery-rails
  nokogiri
  oa-oauth
  oa-openid
  omniauth!
  paperclip!
  rack-google_analytics
  rails (= 3.0.6)
  rmagick
  rspec
  ruby-debug19
  rubyjedi-soap4r
  sqlite3
  thin
  unicorn
  webrat
  will_paginate (~> 3.0.pre2)
  wirble
